GEM
  remote: https://rubygems.org/
  specs:
    rack (1.6.5)
    rack-protection (1.5.3)
      rack
    random-word-generator (0.0.1)
      sqlite3-ruby (>= 1.2.1)
    sinatra (1.4.8)
      rack (~> 1.5)
      rack-protection (~> 1.4)
      tilt (>= 1.3, < 3)
    sqlite3 (1.3.7)
    sqlite3-ruby (1.3.3)
      sqlite3 (>= 1.3.3)
    tilt (2.0.6)

PLATFORMS
  ruby

DEPENDENCIES
  random-word-generator (~> 0.0.1)
  sinatra (~> 1.4.7)

RUBY VERSION
   ruby 2.0.0p648

BUNDLED WITH
   1.14.3
