GEM
  remote: https://rubygems.org/
  specs:
    rack (1.6.5)
    rack-protection (1.5.3)
      rack
    sinatra (1.4.7)
      rack (~> 1.5)
      rack-protection (~> 1.4)
      tilt (>= 1.3, < 3)
    tilt (2.0.5)
    random_word_generator (0.0.1)

PLATFORMS
  ruby

DEPENDENCIES
  sinatra (~> 1.4.7)
  random_word_generator (~>0.0.1)

RUBY VERSION
   ruby 2.0.0p481

BUNDLED WITH
   1.12.3
