GEM
  remote: https://rubygems.org/
  specs:
    rack (1.6.5)
    rack-protection (1.5.3)
      rack
    randexp (0.1.7)
    sinatra (1.4.8)
      rack (~> 1.5)
      rack-protection (~> 1.4)
      tilt (>= 1.3, < 3)
    tilt (2.0.6)

PLATFORMS
  ruby

DEPENDENCIES
  randexp (~> 0.1.7)
  sinatra (~> 1.4.7)

RUBY VERSION
   ruby 2.0.0p648

BUNDLED WITH
   1.14.3
